GEM
  remote: https://rubygems.org/
  specs:
    activesupport (4.0.0)
      i18n (~> 0.6, >= 0.6.4)
      minitest (~> 4.2)
      multi_json (~> 1.3)
      thread_safe (~> 0.1)
      tzinfo (~> 0.3.37)
    atomic (1.1.12)
    blather (0.8.4)
      activesupport (>= 2.3.11)
      eventmachine (>= 1.0.0)
      girl_friday
      niceogiri (~> 1.0)
      nokogiri (~> 1.5, >= 1.5.6)
    cocaine (0.3.2)
    connection_pool (1.1.0)
    eventmachine (1.0.3)
    girl_friday (0.11.2)
      connection_pool (~> 1.0)
      rubinius-actor
    hashie (1.2.0)
    i18n (0.6.4)
    json (1.7.7)
    little-plugger (1.1.3)
    logging (1.7.2)
      little-plugger (>= 1.1.3)
    metaclass (0.0.1)
    mime-types (1.25)
    mini_portile (0.5.1)
    minitest (4.7.5)
    mocha (0.14.0)
      metaclass (~> 0.0.1)
    multi_json (1.7.9)
    niceogiri (1.1.2)
      nokogiri (~> 1.5)
    nokogiri (1.6.0)
      mini_portile (~> 0.5.0)
    omf_common (6.0.3)
      blather (= 0.8.4)
      eventmachine (= 1.0.3)
      hashie (~> 1.2.0)
      json (~> 1.7.7)
      logging (~> 1.7.1)
      oml4r (~> 2.9.1)
    omf_rc (6.0.3)
      cocaine (~> 0.3.0)
      mocha
      omf_common (~> 6.0.2)
    oml4r (2.9.1)
    rest-client (1.6.7)
      mime-types (>= 1.16)
    rubinius-actor (0.0.2)
      rubinius-core-api
    rubinius-core-api (0.0.1)
    thread_safe (0.1.2)
      atomic
    tzinfo (0.3.37)

PLATFORMS
  ruby

DEPENDENCIES
  json
  omf_common
  omf_rc
  rest-client
