PATH
  remote: ./wiseomf-gem
  specs:
    wise_omf (0.9)

GEM
  remote: https://rubygems.org/
  specs:
    PriorityQueue (0.1.2)
    activesupport (4.0.0)
      i18n (~> 0.6, >= 0.6.4)
      minitest (~> 4.2)
      multi_json (~> 1.3)
      thread_safe (~> 0.1)
      tzinfo (~> 0.3.37)
    atomic (1.1.14)
    blather (0.8.7)
      activesupport (>= 2.3.11)
      eventmachine (>= 1.0.0)
      girl_friday
      niceogiri (~> 1.0)
      nokogiri (~> 1.5, >= 1.5.6)
    cocaine (0.3.2)
    connection_pool (1.1.0)
    event_bus (1.0.0)
    eventmachine (1.0.3)
    girl_friday (0.11.2)
      connection_pool (~> 1.0)
      rubinius-actor
    gli (2.5.6)
    hashie (1.2.0)
    i18n (0.6.5)
    json (1.7.7)
    little-plugger (1.1.3)
    logging (1.7.2)
      little-plugger (>= 1.1.3)
    lrucache (0.1.4)
      PriorityQueue (~> 0.1.2)
    metaclass (0.0.1)
    mini_portile (0.5.1)
    minitest (4.7.5)
    mocha (0.14.0)
      metaclass (~> 0.0.1)
    multi_json (1.8.1)
    niceogiri (1.1.2)
      nokogiri (~> 1.5)
    nokogiri (1.6.0)
      mini_portile (~> 0.5.0)
    omf_common (6.0.7)
      blather (= 0.8.7)
      eventmachine (= 1.0.3)
      hashie (~> 1.2.0)
      json (~> 1.7.7)
      logging (~> 1.7.1)
      oml4r (~> 2.9.5)
    omf_ec (6.0.7)
      gli (~> 2.5.3)
      omf_common (~> 6.0.7)
    omf_rc (6.0.7)
      cocaine (~> 0.3.0)
      mocha
      omf_common (~> 6.0.7)
    oml4r (2.9.6)
    rubinius-actor (0.0.2)
      rubinius-core-api
    rubinius-core-api (0.0.1)
    ruby-protocol-buffers (1.5.0)
    thread_safe (0.1.3)
      atomic
    tzinfo (0.3.38)

PLATFORMS
  ruby

DEPENDENCIES
  event_bus
  lrucache
  omf_ec
  omf_rc
  ruby-protocol-buffers
  wise_omf!
